PATH
  remote: .
  specs:
    localedata (0.1.1)
      faraday (>= 0.12.0)
      thor (>= 0.20.0)

GEM
  remote: https://rubygems.org/
  specs:
    faraday (2.7.2)
      faraday-net_http (>= 2.0, < 3.1)
      ruby2_keywords (>= 0.0.4)
    faraday-net_http (3.0.2)
    ruby2_keywords (0.0.5)
    thor (1.2.1)

PLATFORMS
  ruby

DEPENDENCIES
  localedata!

BUNDLED WITH
   2.4.2
