PATH
  remote: .
  specs:
    localedata (0.1.0)

GEM
  remote: https://rubygems.org/
  specs:

PLATFORMS
  ruby

DEPENDENCIES
  bundler (>= 1.15)
  localedata!

BUNDLED WITH
   2.0.1
